GIT
  remote: git://github.com/infoman/celt-ruby.git
  revision: d10d72acb10e4460ff4314a6f5697fbef4b09f2c
  specs:
    celt-ruby (0.0.1)
      ffi

GIT
  remote: git://github.com/perrym5/mumble-ruby.git
  revision: 593391d6e43bc8f75407f8336d323df2949bacc2
  specs:
    mumble-ruby (0.0.3)
      activesupport
      celt-ruby
      ruby_protobuf

GEM
  remote: https://rubygems.org/
  specs:
    activesupport (4.0.0)
      i18n (~> 0.6, >= 0.6.4)
      minitest (~> 4.2)
      multi_json (~> 1.3)
      thread_safe (~> 0.1)
      tzinfo (~> 0.3.37)
    atomic (1.1.10)
    ffi (1.9.0)
    i18n (0.6.4)
    minitest (4.7.5)
    multi_json (1.7.7)
    ruby_protobuf (0.4.11)
    settingslogic (2.0.9)
    thread_safe (0.1.0)
      atomic
    tzinfo (0.3.37)

PLATFORMS
  ruby

DEPENDENCIES
  celt-ruby!
  mumble-ruby!
  settingslogic
